PATH
  remote: .
  specs:
    dorian-anonymize-yaml (0.1.2)

GEM
  remote: https://rubygems.org/
  specs:

PLATFORMS
  arm64-darwin-23
  ruby

DEPENDENCIES
  dorian-anonymize-yaml!

RUBY VERSION
   ruby 3.3.0p0

BUNDLED WITH
   2.5.6
